PATH
  remote: /home/lite/work/isaac
  specs:
    isaac (0.3.0)

GEM
  specs:
    columnize (0.3.2)
    diff-lcs (1.1.2)
    eventmachine (0.12.10)
    git (1.2.5)
    jeweler (1.5.2)
      bundler (~> 1.0.0)
      git (>= 1.2.5)
      rake
    linecache (0.43)
    meme_generator (1.9)
      nokogiri (~> 1.4)
    nokogiri (1.4.4)
    rake (0.8.7)
    rcov (0.9.9)
    rspec (2.3.0)
      rspec-core (~> 2.3.0)
      rspec-expectations (~> 2.3.0)
      rspec-mocks (~> 2.3.0)
    rspec-core (2.3.1)
    rspec-expectations (2.3.0)
      diff-lcs (~> 1.1.2)
    rspec-mocks (2.3.0)
    ruby-debug (0.10.4)
      columnize (>= 0.1)
      ruby-debug-base (~> 0.10.4.0)
    ruby-debug-base (0.10.4)
      linecache (>= 0.3)
    yard (0.6.5)

PLATFORMS
  ruby

DEPENDENCIES
  bundler (~> 1.0.0)
  eventmachine
  isaac!
  jeweler (~> 1.5.2)
  meme_generator
  rcov
  rspec (~> 2.3.0)
  ruby-debug
  yard (~> 0.6.0)
